GIT
  remote: https://github.com/trombik/ansible-inventory-yaml.git
  revision: 901bcd52053511f2b2f71443b948ad2791dc76b4
  branch: master
  specs:
    ansible-inventory-yaml (0.1.0)
      deep_merge (~> 1.1.1)

GIT
  remote: https://github.com/trombik/ansible-vault
  revision: 839ea69dbf8a4fe85e0ab4d00aa20e2bf98876a2
  branch: master
  specs:
    ansible-vault (0.1.0)

GIT
  remote: https://github.com/trombik/infrataster-plugin-firewall.git
  revision: eef6fe86fb9d5302ac98fd5402f3ba807f9b70b6
  branch: reallyenglish
  specs:
    infrataster-plugin-firewall (0.1.4)
      infrataster (~> 0.3.0)

GIT
  remote: https://github.com/trombik/infrataster.git
  revision: 1cc9b77126d5e1e7a445456cdbf6fee4f0ab4bd4
  branch: reallyenglish
  specs:
    infrataster (0.3.2)
      capybara
      faraday
      faraday_middleware (>= 0.10.0)
      net-ssh
      net-ssh-gateway
      poltergeist
      rspec (>= 2.0, < 4.0)
      thor

GIT
  remote: https://github.com/trombik/vagrant-serverspec.git
  revision: 07d6aea596731c7670cebe734552d6f407df3d1e
  branch: master
  specs:
    vagrant-serverspec (0.1.0)
      net-ssh (>= 3.0.2)
      serverspec (>= 2.40.0)
      vagrant-ssh-config

GIT
  remote: https://github.com/trombik/vagrant-ssh-config.git
  revision: 98cfbe2e32a7971581450e0b9fd24879f0b6e832
  branch: master
  specs:
    vagrant-ssh-config (1.0.1)
      net-ssh (>= 3.0.2)

GEM
  remote: https://rubygems.org/
  specs:
    addressable (2.7.0)
      public_suffix (>= 2.0.2, < 5.0)
    ast (2.4.0)
    capybara (3.30.0)
      addressable
      mini_mime (>= 0.1.3)
      nokogiri (~> 1.8)
      rack (>= 1.6.0)
      rack-test (>= 0.6.3)
      regexp_parser (~> 1.5)
      xpath (~> 3.2)
    cliver (0.3.2)
    deep_merge (1.1.1)
    diff-lcs (1.3)
    faraday (0.17.1)
      multipart-post (>= 1.2, < 3)
    faraday_middleware (0.13.1)
      faraday (>= 0.7.4, < 1.0)
    highline (1.7.10)
    jaro_winkler (1.5.4)
    mini_mime (1.0.2)
    mini_portile2 (2.6.1)
    multi_json (1.14.1)
    multipart-post (2.1.1)
    net-scp (2.0.0)
      net-ssh (>= 2.6.5, < 6.0.0)
    net-ssh (5.2.0)
    net-ssh-gateway (2.0.0)
      net-ssh (>= 4.0.0)
    net-telnet (0.1.1)
    nokogiri (1.12.5)
      mini_portile2 (~> 2.6.1)
      racc (~> 1.4)
    parallel (1.19.1)
    parser (2.7.0.1)
      ast (~> 2.4.0)
    poltergeist (1.18.1)
      capybara (>= 2.1, < 4)
      cliver (~> 0.3.1)
      websocket-driver (>= 0.2.0)
    public_suffix (4.0.2)
    racc (1.5.2)
    rack (2.0.8)
    rack-test (1.1.0)
      rack (>= 1.0, < 3)
    rainbow (3.0.0)
    rake (13.0.1)
    regexp_parser (1.6.0)
    retries (0.0.5)
    rspec (3.9.0)
      rspec-core (~> 3.9.0)
      rspec-expectations (~> 3.9.0)
      rspec-mocks (~> 3.9.0)
    rspec-core (3.9.1)
      rspec-support (~> 3.9.1)
    rspec-expectations (3.9.0)
      diff-lcs (>= 1.2.0, < 2.0)
      rspec-support (~> 3.9.0)
    rspec-its (1.3.0)
      rspec-core (>= 3.0.0)
      rspec-expectations (>= 3.0.0)
    rspec-mocks (3.9.0)
      diff-lcs (>= 1.2.0, < 2.0)
      rspec-support (~> 3.9.0)
    rspec-retry (0.6.2)
      rspec-core (> 3.3)
    rspec-support (3.9.2)
    rubocop (0.78.0)
      jaro_winkler (~> 1.5.1)
      parallel (~> 1.10)
      parser (>= 2.6)
      rainbow (>= 2.2.2, < 4.0)
      ruby-progressbar (~> 1.7)
      unicode-display_width (>= 1.4.0, < 1.7)
    ruby-progressbar (1.10.1)
    serverspec (2.41.5)
      multi_json
      rspec (~> 3.0)
      rspec-its
      specinfra (~> 2.72)
    sfl (2.3)
    specinfra (2.82.5)
      net-scp
      net-ssh (>= 2.7)
      net-telnet (= 0.1.1)
      sfl
    thor (1.0.1)
    unicode-display_width (1.6.0)
    websocket-driver (0.7.1)
      websocket-extensions (>= 0.1.0)
    websocket-extensions (0.1.4)
    xpath (3.2.0)
      nokogiri (~> 1.8)

PLATFORMS
  ruby

DEPENDENCIES
  ansible-inventory-yaml!
  ansible-vault!
  highline (~> 1.7.8)
  infrataster (>= 0.3.2)!
  infrataster-plugin-firewall (>= 0.1.4)!
  net-ssh
  rake
  retries
  rspec
  rspec-retry
  rubocop
  serverspec
  vagrant-serverspec!
  vagrant-ssh-config!

BUNDLED WITH
   2.0.2
